PATH
  remote: ../../..
  specs:
    ki (0.4.2)
      bson_ext
      bundler (~> 1.5)
      coffee-script
      haml
      mongo
      rack
      rack-parser
      sass
      thor

GEM
  remote: https://rubygems.org/
  specs:
    bson (1.9.2)
    bson_ext (1.9.2)
      bson (~> 1.9.2)
    capistrano (3.1.0)
      i18n
      rake (>= 10.0.0)
      sshkit (~> 1.3)
    capistrano-rvm (0.1.1)
      capistrano (~> 3.0)
      sshkit (~> 1.2)
    coffee-script (2.2.0)
      coffee-script-source
      execjs
    coffee-script-source (1.7.0)
    daemon_controller (1.2.0)
    execjs (2.0.2)
    haml (4.0.5)
      tilt
    i18n (0.6.9)
    mongo (1.9.2)
      bson (~> 1.9.2)
    net-scp (1.1.2)
      net-ssh (>= 2.6.5)
    net-ssh (2.8.0)
    passenger (4.0.40)
      daemon_controller (>= 1.2.0)
      rack
      rake (>= 0.8.1)
    rack (1.5.2)
    rack-parser (0.6.0)
      rack
    rake (10.1.1)
    sass (3.3.4)
    sshkit (1.3.0)
      net-scp (>= 1.1.2)
      net-ssh
      term-ansicolor
    term-ansicolor (1.3.0)
      tins (~> 1.0)
    thor (0.18.1)
    tilt (2.0.1)
    tins (1.0.1)

PLATFORMS
  ruby

DEPENDENCIES
  capistrano
  capistrano-rvm
  ki!
  passenger
