PATH
  remote: ../../..
  specs:
    ki (0.4.1)
      bson_ext
      bundler (~> 1.5)
      coffee-script
      haml
      mongo
      rack
      rack-parser
      sass
      thor

GEM
  remote: https://rubygems.org/
  specs:
    bson (1.11.1)
    bson_ext (1.11.1)
      bson (~> 1.11.1)
    coffee-script (2.3.0)
      coffee-script-source
      execjs
    coffee-script-source (1.8.0)
    daemon_controller (1.2.0)
    execjs (2.2.1)
    haml (4.0.5)
      tilt
    mongo (1.11.1)
      bson (= 1.11.1)
    passenger (4.0.53)
      daemon_controller (>= 1.2.0)
      rack
      rake (>= 0.8.1)
    rack (1.5.2)
    rack-parser (0.6.1)
      rack
    rake (10.3.2)
    sass (3.4.5)
    thor (0.19.1)
    tilt (2.0.1)

PLATFORMS
  ruby

DEPENDENCIES
  ki!
  passenger
